GEM
  remote: http://rubygems.org/
  specs:
    epubinfo (0.3.6)
      nokogiri (>= 1.4.2)
      rubyzip (~> 0.9.9)
    nokogiri (1.5.5)
    rubyzip (0.9.9)

PLATFORMS
  ruby

DEPENDENCIES
  epubinfo
